GEM
  remote: https://rubygems.org/
  specs:
    extralite-bundle (2.1)
    sequel (5.70.0)
    sqlite3 (1.6.3-x86_64-linux)

PLATFORMS
  x86_64-linux

DEPENDENCIES
  extralite-bundle
  sequel
  sqlite3

BUNDLED WITH
   2.4.15
